GEM
  remote: https://rubygems.org/
  specs:
    docile (1.1.5)
    json (2.0.3)
    kgio (2.11.0)
    minitest (5.10.1)
    rack (2.0.1)
    rack-test (0.6.3)
      rack (>= 1.0)
    rackstep (0.0.9)
    raindrops (0.17.0)
    rake (12.0.0)
    simplecov (0.13.0)
      docile (~> 1.1.0)
      json (>= 1.8, < 3)
      simplecov-html (~> 0.10.0)
    simplecov-html (0.10.0)
    unicorn (5.2.0)
      kgio (~> 2.6)
      raindrops (~> 0.7)

PLATFORMS
  ruby

DEPENDENCIES
  minitest
  rack
  rack-test
  rackstep
  rake
  simplecov
  unicorn

RUBY VERSION
   ruby 2.4.1p111

BUNDLED WITH
   1.15.0
