GEM
  remote: https://rubygems.org/
  specs:
    docile (1.4.1)
    minitest (5.25.5)
    nio4r (2.7.4)
    puma (6.6.0)
      nio4r (~> 2.0)
    rack (3.1.16)
    rack-test (2.2.0)
      rack (>= 1.3)
    rackstep (0.5.1)
    rackup (2.2.1)
      rack (>= 3)
    rake (13.3.0)
    simplecov (0.22.0)
      docile (~> 1.1)
      simplecov-html (~> 0.11)
      simplecov_json_formatter (~> 0.1)
    simplecov-html (0.13.2)
    simplecov_json_formatter (0.1.4)
    webrick (1.9.1)

PLATFORMS
  arm64-darwin-24
  ruby

DEPENDENCIES
  minitest
  puma
  rack
  rack-test
  rackstep
  rackup
  rake
  simplecov
  webrick

RUBY VERSION
   ruby 3.4.2p28

BUNDLED WITH
   2.7.1
