GEM
  remote: https://rubygems.org/
  specs:
    docile (1.1.5)
    json (1.8.3)
    kgio (2.10.0)
    minitest (5.9.0)
    rack (1.6.4)
    rack-test (0.6.3)
      rack (>= 1.0)
    rackstep (0.0.8)
    raindrops (0.16.0)
    rake (11.2.2)
    simplecov (0.11.2)
      docile (~> 1.1.0)
      json (~> 1.8)
      simplecov-html (~> 0.10.0)
    simplecov-html (0.10.0)
    unicorn (5.1.0)
      kgio (~> 2.6)
      raindrops (~> 0.7)

PLATFORMS
  ruby

DEPENDENCIES
  minitest
  rack
  rack-test
  rackstep
  rake
  simplecov
  unicorn

RUBY VERSION
   ruby 2.3.2p217

BUNDLED WITH
   1.13.6
