GEM
  remote: https://rubygems.org/
  specs:
    docile (1.3.0)
    json (2.1.0)
    minitest (5.11.3)
    puma (3.11.4)
    rack (2.0.5)
    rack-test (1.0.0)
      rack (>= 1.0, < 3)
    rackstep (0.0.9)
    rake (12.3.1)
    simplecov (0.16.1)
      docile (~> 1.1)
      json (>= 1.8, < 3)
      simplecov-html (~> 0.10.0)
    simplecov-html (0.10.2)

PLATFORMS
  ruby

DEPENDENCIES
  minitest
  puma
  rack
  rack-test
  rackstep
  rake
  simplecov

RUBY VERSION
   ruby 2.5.0p0

BUNDLED WITH
   1.16.1
