GEM
  remote: https://rubygems.org/
  specs:
    docile (1.1.5)
    json (2.1.0)
    minitest (5.10.3)
    puma (3.9.1)
    rack (2.0.3)
    rack-test (0.7.0)
      rack (>= 1.0, < 3)
    rackstep (0.0.9)
    rake (12.0.0)
    simplecov (0.14.1)
      docile (~> 1.1.0)
      json (>= 1.8, < 3)
      simplecov-html (~> 0.10.0)
    simplecov-html (0.10.1)

PLATFORMS
  ruby

DEPENDENCIES
  minitest
  puma
  rack
  rack-test
  rackstep
  rake
  simplecov

RUBY VERSION
   ruby 2.4.1p111

BUNDLED WITH
   1.15.0
